GEM
  remote: https://rubygems.org/
  specs:
    ProMotion (1.2.0)
      methadone (~> 1.3)
      motion-require (~> 0.2)
    dbt (1.1.4)
    methadone (1.4.0)
      bundler
    motion-kit (0.9.4)
      dbt
    motion-require (0.2.0)
    rake (10.1.1)
    sugarcube (1.6.1)

PLATFORMS
  ruby

DEPENDENCIES
  ProMotion (~> 1.2.0)
  dbt (~> 1.1.4)
  motion-kit (~> 0.9.4)
  rake
  sugarcube (~> 1.6.1)
